GEM
  specs:
    childprocess (3.0.0)
    ffi (1.14.2-x64-mingw32)
    getpass (0.1.0)
    rubyzip (2.3.0)
    selenium-webdriver (3.142.7)
      childprocess (>= 0.5, < 4.0)
      rubyzip (>= 1.2.2)

PLATFORMS
  x64-mingw32

DEPENDENCIES
  ffi
  getpass
  selenium-webdriver

BUNDLED WITH
   2.2.3
